PATH
  remote: .
  specs:
    uuid_v6 (0.1.0)
      uuid

GEM
  remote: https://rubygems.org/
  specs:
    diff-lcs (1.3)
    macaddr (1.7.2)
      systemu (~> 2.6.5)
    rake (12.3.3)
    rspec (3.8.0)
      rspec-core (~> 3.8.0)
      rspec-expectations (~> 3.8.0)
      rspec-mocks (~> 3.8.0)
    rspec-core (3.8.2)
      rspec-support (~> 3.8.0)
    rspec-expectations (3.8.4)
      diff-lcs (>= 1.2.0, < 2.0)
      rspec-support (~> 3.8.0)
    rspec-mocks (3.8.1)
      diff-lcs (>= 1.2.0, < 2.0)
      rspec-support (~> 3.8.0)
    rspec-support (3.8.2)
    systemu (2.6.5)
    uuid (2.3.9)
      macaddr (~> 1.0)

PLATFORMS
  ruby

DEPENDENCIES
  rake
  rspec
  uuid_v6!

BUNDLED WITH
   2.0.2
